PATH
  remote: .
  specs:
    voltometer (0.0.1)
      listen (= 0.5.3)
      moped
      rb-inotify

GEM
  remote: https://rubygems.org/
  specs:
    ffi (1.8.1)
    listen (0.5.3)
    moped (1.4.5)
    rb-inotify (0.9.0)
      ffi (>= 0.5.0)

PLATFORMS
  ruby

DEPENDENCIES
  voltometer!
